GEM
  remote: https://rubygems.org/
  specs:
    coderay (1.0.9)
    deathbycaptcha (4.1.4)
      json (>= 1.4.6)
      rest-client (~> 1.6.1)
    faraday (0.8.8)
      multipart-post (~> 1.2.0)
    hiredis (0.4.5)
    json (1.8.1)
    method_source (0.8.2)
    mime-types (2.0)
    multipart-post (1.2.0)
    pry (0.9.12.2)
      coderay (~> 1.0.5)
      method_source (~> 0.8)
      slop (~> 3.4)
    redditkit (1.0.0)
      faraday (~> 0.8)
    redis (3.0.4)
    rest-client (1.6.7)
      mime-types (>= 1.16)
    slop (3.4.6)
    socksify (1.5.0)
    tor (0.1.2)

PLATFORMS
  ruby

DEPENDENCIES
  deathbycaptcha
  hiredis
  pry
  redditkit
  redis
  socksify
  tor
